PATH
  remote: .
  specs:
    easy-rack-open-id (0.3.2)
      rack-openid (~> 1.3)

GEM
  remote: http://rubygems.org/
  specs:
    bson (1.3.1)
    mongo (1.3.1)
      bson (>= 1.3.1)
    openid_mongodb_store (0.3.0)
      mongo (~> 1.3)
      ruby-openid (~> 2.1)
    rack (1.3.0)
    rack-openid (1.3.1)
      rack (>= 1.1.0)
      ruby-openid (>= 2.1.8)
    ruby-openid (2.1.8)
    shotgun (0.9)
      rack (>= 1.0)

PLATFORMS
  ruby

DEPENDENCIES
  easy-rack-open-id!
  openid_mongodb_store
  shotgun
