PATH
  remote: .
  specs:
    easy-rack-openid (0.3.0)
      rack (~> 1.3)
      rack-openid (~> 1.3)

GEM
  remote: http://rubygems.org/
  specs:
    rack (1.3.0)
    rack-openid (1.3.1)
      rack (>= 1.1.0)
      ruby-openid (>= 2.1.8)
    ruby-openid (2.1.8)

PLATFORMS
  ruby

DEPENDENCIES
  easy-rack-openid!
